GEM
  remote: https://rubygems.org/
  specs:
    base64 (0.2.0)
    daemons (1.1.9)
    eventmachine (1.0.4)
    mail (2.6.3)
      mime-types (~> 2.4)
      treetop (~> 1.5.3)
    mime-types (2.4.3)
    mustermann (3.0.3)
      ruby2_keywords (~> 0.0.1)
    polyglot (0.3.5)
    pony (1.11)
      mail (>= 2.6)
    rack (2.2.13)
    rack-protection (3.2.0)
      base64 (>= 0.1.0)
      rack (~> 2.2, >= 2.2.4)
    ruby2_keywords (0.0.5)
    shotgun (0.9)
      rack (>= 1.6)
    sinatra (3.2.0)
      mustermann (~> 3.0)
      rack (~> 2.2, >= 2.2.4)
      rack-protection (= 3.2.0)
      tilt (~> 2.0)
    thin (1.6.3)
      daemons (>= 1.1.9)
      eventmachine (>= 1.0.0)
      rack (>= 1.6.0)
    tilt (2.6.0)
    treetop (1.5.3)
      polyglot
      polyglot (>= 0.3.5)

PLATFORMS
  ruby

DEPENDENCIES
  pony
  shotgun
  sinatra
  thin
